GEM
  remote: http://rubygems.org/
  specs:
    RubyInline (3.14.0)
      ZenTest (~> 4.3)
    ZenTest (4.12.1)
    activemodel (3.2.22.5)
      activesupport (= 3.2.22.5)
      builder (~> 3.0.0)
    activesupport (3.2.22.5)
      i18n (~> 0.6, >= 0.6.4)
      multi_json (~> 1.0)
    ahocorasick (1.0.0)
    bigdecimal (1.3.5)
    bsearch (1.5.0)
    builder (3.0.4)
    colors (0.0.7)
    concurrent-ruby (1.2.3)
    cyclopedio-wiki (0.1.0)
      rod (~> 0.7.4.0)
    cycr (0.2.7)
      ref (~> 1.0.0)
    htmlentities (4.3.4)
    i18n (0.9.5)
      concurrent-ruby (~> 1.0)
    multi_json (1.15.0)
    progress (3.6.0)
    rake (13.1.0)
    ref (1.0.5)
    rod (0.7.4.3)
      RubyInline (>= 3.10.0, < 4.0.0)
      activemodel (~> 3.2, >= 3.2.2)
      bsearch (>= 1.5.0, < 1.6.0)
      ref (>= 1.0.5, < 2.0.0)
      strings-inflection (>= 0.1.0, < 0.2.0)
    slop (3.4.7)
    srx-english (0.1.2)
      term-ansicolor (~> 1.0.5)
    string_case_pl (0.1.2)
    strings-inflection (0.1.0)
    term-ansicolor (1.0.7)

PLATFORMS
  x86_64-linux

DEPENDENCIES
  activesupport
  ahocorasick
  bigdecimal (= 1.3.5)
  colors (~> 0.0.6)
  cyclopedio-wiki
  cycr (~> 0.2.0)
  htmlentities
  progress
  rake
  rod (~> 0.7.4.2)
  slop (~> 3.4.7)
  srx-english (~> 0.1.2)
  string_case_pl (~> 0.1.0)

BUNDLED WITH
   2.4.22
